GEM
  remote: https://rubygems.org/
  specs:
    ansi (1.5.0)
    hashie (3.4.1)
    itamae (1.2.13)
      ansi
      hashie
      schash (~> 0.1.0)
      specinfra (>= 2.29.0, < 3.0.0)
      thor
    net-scp (1.2.1)
      net-ssh (>= 2.6.5)
    net-ssh (2.9.2)
    schash (0.1.1)
    specinfra (2.30.0)
      net-scp
      net-ssh
    thor (0.19.1)

PLATFORMS
  ruby

DEPENDENCIES
  itamae
