GIT
  remote: git://github.com/katsyoshi/itamae-plugin-recipe-plenv.git
  revision: 08fecedc9f786d97ae3a0ef6642e66d58099bdc2
  specs:
    itamae-plugin-recipe-plenv (0.1.0)
      itamae (~> 1.2)

GIT
  remote: git://github.com/katsyoshi/itamae-plugin-recipe-pyenv.git
  revision: dd96317a1f3a4162689b5699879d26cbafb4df96
  specs:
    itamae-plugin-recipe-pyenv (0.1.0)
      itamae

GEM
  remote: https://rubygems.org/
  specs:
    ansi (1.5.0)
    diff-lcs (1.2.5)
    ffi (1.9.10)
    ffi-yajl (2.2.2)
      libyajl2 (~> 1.2)
    hashie (3.4.2)
    ipaddress (0.8.0)
    itamae (1.4.3)
      ansi
      hashie
      schash (~> 0.1.0)
      specinfra (>= 2.37.0, < 3.0.0)
      thor
    itamae-plugin-recipe-rbenv (0.3.3)
      itamae (~> 1.2)
    libyajl2 (1.2.0)
    mime-types (2.6.1)
    mixlib-cli (1.5.0)
    mixlib-config (2.2.1)
    mixlib-log (1.6.0)
    mixlib-shellout (2.1.0)
    multi_json (1.11.2)
    net-scp (1.2.1)
      net-ssh (>= 2.6.5)
    net-ssh (2.9.2)
    net-telnet (0.1.1)
    ohai (8.5.0)
      ffi (~> 1.9)
      ffi-yajl (~> 2.2)
      ipaddress
      mime-types (~> 2.0)
      mixlib-cli
      mixlib-config (~> 2.0)
      mixlib-log
      mixlib-shellout (~> 2.0)
      rake (~> 10.1)
      systemu (~> 2.6.4)
      wmi-lite (~> 1.0)
    rake (10.4.2)
    rspec (3.3.0)
      rspec-core (~> 3.3.0)
      rspec-expectations (~> 3.3.0)
      rspec-mocks (~> 3.3.0)
    rspec-core (3.3.2)
      rspec-support (~> 3.3.0)
    rspec-expectations (3.3.1)
      diff-lcs (>= 1.2.0, < 2.0)
      rspec-support (~> 3.3.0)
    rspec-its (1.2.0)
      rspec-core (>= 3.0.0)
      rspec-expectations (>= 3.0.0)
    rspec-mocks (3.3.2)
      diff-lcs (>= 1.2.0, < 2.0)
      rspec-support (~> 3.3.0)
    rspec-support (3.3.0)
    schash (0.1.1)
    serverspec (2.20.0)
      multi_json
      rspec (~> 3.0)
      rspec-its
      specinfra (~> 2.38)
    sfl (2.2)
    specinfra (2.40.0)
      net-scp
      net-ssh (~> 2.7)
      net-telnet
      sfl
    systemu (2.6.5)
    thor (0.19.1)
    wmi-lite (1.0.0)

PLATFORMS
  ruby

DEPENDENCIES
  itamae
  itamae-plugin-recipe-plenv!
  itamae-plugin-recipe-pyenv!
  itamae-plugin-recipe-rbenv
  ohai
  rake
  serverspec

BUNDLED WITH
   1.10.5
