GEM
  remote: https://rubygems.org/
  specs:
    ansi (1.5.0)
    hashie (3.5.5)
    itamae (1.9.11)
      ansi
      hashie
      schash (~> 0.1.0)
      specinfra (>= 2.64.0, < 3.0.0)
      thor
    itamae-plugin-resource-portage (0.1.0.beta1)
      itamae
    net-scp (1.2.1)
      net-ssh (>= 2.6.5)
    net-ssh (4.1.0)
    net-telnet (0.1.1)
    rake (12.0.0)
    schash (0.1.2)
    sfl (2.3)
    specinfra (2.67.9)
      net-scp
      net-ssh (>= 2.7, < 5.0)
      net-telnet
      sfl
    thor (0.19.4)

PLATFORMS
  ruby

DEPENDENCIES
  itamae
  itamae-plugin-resource-portage
  rake

BUNDLED WITH
   1.14.6
